STORAGE: NONE
RESTRICTION: == netstandard2.1
NUGET
  remote: https://api.nuget.org/v3/index.json
    Bolero (0.13.23)
      Elmish (>= 2.0 < 3.0)
      FSharp.Core (>= 4.5.2)
      Microsoft.AspNetCore.Components.WebAssembly (>= 3.2)
      Microsoft.Extensions.Http (>= 3.1)
    Bolero.Build (0.13.23)
    Elmish (2.0.3)
      FSharp.Core (>= 4.5.2)
    FSharp.Core (4.7.2)
    Microsoft.AspNetCore.Authorization (3.1.4)
      Microsoft.AspNetCore.Metadata (>= 3.1.4)
      Microsoft.Extensions.Logging.Abstractions (>= 3.1.4)
      Microsoft.Extensions.Options (>= 3.1.4)
    Microsoft.AspNetCore.Components (3.1.4)
      Microsoft.AspNetCore.Authorization (>= 3.1.4)
      Microsoft.AspNetCore.Components.Analyzers (>= 3.1.4)
      Microsoft.JSInterop (>= 3.1.4)
      System.ComponentModel.Annotations (>= 4.7)
    Microsoft.AspNetCore.Components.Analyzers (3.1.4)
    Microsoft.AspNetCore.Components.Forms (3.1.4)
      Microsoft.AspNetCore.Components (>= 3.1.4)
      System.ComponentModel.Annotations (>= 4.7)
    Microsoft.AspNetCore.Components.Web (3.1.4)
      Microsoft.AspNetCore.Components (>= 3.1.4)
      Microsoft.AspNetCore.Components.Forms (>= 3.1.4)
      Microsoft.Extensions.DependencyInjection (>= 3.1.4)
      Microsoft.JSInterop (>= 3.1.4)
    Microsoft.AspNetCore.Components.WebAssembly (3.2)
      Microsoft.AspNetCore.Components.Web (>= 3.1.3)
      Microsoft.AspNetCore.Components.WebAssembly.HttpHandler (>= 3.2)
      Microsoft.Extensions.Configuration.Json (>= 3.1.3)
      Microsoft.Extensions.Logging (>= 3.1.3)
      Microsoft.JSInterop.WebAssembly (>= 3.2)
    Microsoft.AspNetCore.Components.WebAssembly.Build (3.2)
      Microsoft.AspNetCore.Components.WebAssembly.Runtime (>= 3.2)
    Microsoft.AspNetCore.Components.WebAssembly.DevServer (3.2)
    Microsoft.AspNetCore.Components.WebAssembly.HttpHandler (3.2)
    Microsoft.AspNetCore.Components.WebAssembly.Runtime (3.2)
    Microsoft.AspNetCore.Metadata (3.1.4)
    Microsoft.Bcl.AsyncInterfaces (1.1.1)
      System.Threading.Tasks.Extensions (>= 4.5.4)
    Microsoft.Extensions.Configuration (3.1.4)
      Microsoft.Extensions.Configuration.Abstractions (>= 3.1.4)
    Microsoft.Extensions.Configuration.Abstractions (3.1.4)
      Microsoft.Extensions.Primitives (>= 3.1.4)
    Microsoft.Extensions.Configuration.Binder (3.1.4)
      Microsoft.Extensions.Configuration (>= 3.1.4)
    Microsoft.Extensions.Configuration.FileExtensions (3.1.4)
      Microsoft.Extensions.Configuration (>= 3.1.4)
      Microsoft.Extensions.FileProviders.Physical (>= 3.1.4)
    Microsoft.Extensions.Configuration.Json (3.1.4)
      Microsoft.Extensions.Configuration (>= 3.1.4)
      Microsoft.Extensions.Configuration.FileExtensions (>= 3.1.4)
      System.Text.Json (>= 4.7.2)
      System.Threading.Tasks.Extensions (>= 4.5.4)
    Microsoft.Extensions.DependencyInjection (3.1.4)
      Microsoft.Extensions.DependencyInjection.Abstractions (>= 3.1.4)
    Microsoft.Extensions.DependencyInjection.Abstractions (3.1.4)
    Microsoft.Extensions.FileProviders.Abstractions (3.1.4)
      Microsoft.Extensions.Primitives (>= 3.1.4)
    Microsoft.Extensions.FileProviders.Physical (3.1.4)
      Microsoft.Extensions.FileProviders.Abstractions (>= 3.1.4)
      Microsoft.Extensions.FileSystemGlobbing (>= 3.1.4)
    Microsoft.Extensions.FileSystemGlobbing (3.1.4)
    Microsoft.Extensions.Http (3.1.4)
      Microsoft.Extensions.DependencyInjection.Abstractions (>= 3.1.4)
      Microsoft.Extensions.Logging (>= 3.1.4)
      Microsoft.Extensions.Options (>= 3.1.4)
    Microsoft.Extensions.Logging (3.1.4)
      Microsoft.Extensions.Configuration.Binder (>= 3.1.4)
      Microsoft.Extensions.DependencyInjection (>= 3.1.4)
      Microsoft.Extensions.Logging.Abstractions (>= 3.1.4)
      Microsoft.Extensions.Options (>= 3.1.4)
    Microsoft.Extensions.Logging.Abstractions (3.1.4)
    Microsoft.Extensions.Options (3.1.4)
      Microsoft.Extensions.DependencyInjection.Abstractions (>= 3.1.4)
      Microsoft.Extensions.Primitives (>= 3.1.4)
      System.ComponentModel.Annotations (>= 4.7)
    Microsoft.Extensions.Primitives (3.1.4)
      System.Memory (>= 4.5.2)
      System.Runtime.CompilerServices.Unsafe (>= 4.7.1)
    Microsoft.JSInterop (3.1.4)
      System.Text.Json (>= 4.7.2)
    Microsoft.JSInterop.WebAssembly (3.2)
      Microsoft.JSInterop (>= 3.1.3)
    System.Buffers (4.5.1)
    System.ComponentModel.Annotations (4.7)
    System.Memory (4.5.4)
      System.Buffers (>= 4.5.1)
      System.Numerics.Vectors (>= 4.4)
      System.Runtime.CompilerServices.Unsafe (>= 4.5.3)
    System.Numerics.Vectors (4.5)
    System.Runtime.CompilerServices.Unsafe (4.7.1)
    System.Text.Encodings.Web (4.7.1)
    System.Text.Json (4.7.2)
      Microsoft.Bcl.AsyncInterfaces (>= 1.1)
      System.Buffers (>= 4.5.1)
      System.Memory (>= 4.5.4)
      System.Numerics.Vectors (>= 4.5)
      System.Runtime.CompilerServices.Unsafe (>= 4.7.1)
      System.Text.Encodings.Web (>= 4.7.1)
      System.Threading.Tasks.Extensions (>= 4.5.4)
    System.Threading.Tasks.Extensions (4.5.4)
      System.Runtime.CompilerServices.Unsafe (>= 4.5.3)
